GEM
  remote: https://rubygems.org/
  specs:
    minitest (5.14.2)
    sorbet (0.5.6111)
      sorbet-static (= 0.5.6111)
    sorbet-runtime (0.5.6111)
    sorbet-static (0.5.6111-universal-darwin-18)

PLATFORMS
  ruby

DEPENDENCIES
  minitest
  sorbet
  sorbet-runtime

BUNDLED WITH
   2.1.4
