GEM
  remote: https://rubygems.org/
  specs:
    lazy_priority_queue (0.1.1)
    minitest (5.14.2)
    rgl (0.5.6)
      lazy_priority_queue (~> 0.1.0)
      stream (~> 0.5.2)
    sorbet (0.5.6111)
      sorbet-static (= 0.5.6111)
    sorbet-runtime (0.5.6111)
    sorbet-static (0.5.6111-universal-darwin-14)
    sorbet-static (0.5.6111-universal-darwin-15)
    sorbet-static (0.5.6111-universal-darwin-16)
    sorbet-static (0.5.6111-universal-darwin-17)
    sorbet-static (0.5.6111-universal-darwin-18)
    sorbet-static (0.5.6111-universal-darwin-19)
    sorbet-static (0.5.6111-universal-darwin-20)
    sorbet-static (0.5.6111-x86_64-linux)
    stream (0.5.2)

PLATFORMS
  ruby

DEPENDENCIES
  minitest
  rgl (~> 0.5.6)
  sorbet
  sorbet-runtime

RUBY VERSION
   ruby 3.0.1p64

BUNDLED WITH
   2.2.25
